GIT
  remote: git://github.com/sinatra/sinatra.git
  revision: a275ffd00ca32c33ea9eaa168ce99ab1b80b9697
  specs:
    rack-protection (2.0.0)
      rack
    sinatra (2.0.0)
      mustermann (~> 1.0)
      rack (~> 2.0)
      rack-protection (= 2.0.0)
      tilt (~> 2.0)

GEM
  specs:
    dotenv (2.0.2)
    mustermann (1.0.0)
    rack (2.0.3)
    shotgun (0.9.1)
      rack (>= 1.0)
    tilt (2.0.7)

PLATFORMS
  ruby

DEPENDENCIES
  dotenv
  shotgun
  sinatra!

BUNDLED WITH
   1.15.1
